GEM
  remote: http://rubygems.org/
  specs:
    colorize (0.5.8)
    diff-lcs (1.1.3)
    ffi (1.0.11)
    git (1.2.5)
    growl (1.0.3)
    guard (1.0.0)
      ffi (>= 0.5.0)
      thor (~> 0.14.6)
    guard-rspec (0.6.0)
      guard (>= 0.10.0)
    hashr (0.0.19)
    jeweler (1.8.3)
      bundler (~> 1.0)
      git (>= 1.2.5)
      rake
      rdoc
    json (1.6.5)
    memcache (1.2.13)
    msgpack (0.4.6)
    multi_json (1.1.0)
    queencheck (1.0.0)
      colorize (>= 0.5.8)
    rake (0.9.2.2)
    rdoc (3.12)
      json (~> 1.4)
    redis (2.2.2)
    rspec (2.8.0)
      rspec-core (~> 2.8.0)
      rspec-expectations (~> 2.8.0)
      rspec-mocks (~> 2.8.0)
    rspec-core (2.8.0)
    rspec-expectations (2.8.0)
      diff-lcs (~> 1.1.2)
    rspec-mocks (2.8.0)
    sequel (3.33.0)
    simplecov (0.6.1)
      multi_json (~> 1.0)
      simplecov-html (~> 0.5.3)
    simplecov-html (0.5.3)
    sqlite3 (1.3.5)
    thor (0.14.6)
    yard (0.7.5)

PLATFORMS
  ruby

DEPENDENCIES
  bundler (>= 1.0.0)
  growl
  guard (~> 1.0.0)
  guard-rspec (~> 0.6.0)
  hashr (~> 0.0.19)
  jeweler (~> 1.8.3)
  memcache
  msgpack (~> 0.4.6)
  queencheck
  rdoc (~> 3.12)
  redis
  rspec (~> 2.8.0)
  sequel (~> 3.33.0)
  simplecov (~> 0.6.1)
  sqlite3
  yard (~> 0.7)
